GEM
  remote: https://rubygems.org/
  specs:
    mini_portile2 (2.1.0)
    mustermann (1.0.1)
    nokogiri (1.7.0.1)
      mini_portile2 (~> 2.1.0)
    rack (2.0.1)
    rack-protection (2.0.0)
      rack
    sinatra (2.0.0)
      mustermann (~> 1.0)
      rack (~> 2.0)
      rack-protection (= 2.0.0)
      tilt (~> 2.0)
    tilt (2.0.6)

PLATFORMS
  ruby

DEPENDENCIES
  nokogiri
  sinatra

RUBY VERSION
   ruby 2.4.2p198

BUNDLED WITH
   1.15.4
